GEM
  remote: https://rubygems.org/
  specs:
    byebug (11.1.3)
    minitest (5.13.0)

PLATFORMS
  x64-mingw32

DEPENDENCIES
  byebug
  minitest

BUNDLED WITH
   2.1.4
