GEM
  specs:
    minitest (5.13.0)

PLATFORMS
  x64-mingw32

DEPENDENCIES
  minitest

BUNDLED WITH
   2.1.4
